GEM
  remote: http://rubygems.org/
  specs:
    Ascii85 (1.0.1)
    diff-lcs (1.1.3)
    hpricot (0.8.4)
    json (1.5.5)
    pdf-inspector (1.0.0)
      pdf-reader (>= 0.9.0)
    pdf-reader (0.10.0)
      Ascii85 (~> 1.0.0)
    rspec (2.6.0)
      rspec-core (~> 2.6.0)
      rspec-expectations (~> 2.6.0)
      rspec-mocks (~> 2.6.0)
    rspec-core (2.6.4)
    rspec-expectations (2.6.0)
      diff-lcs (~> 1.1.2)
    rspec-mocks (2.6.0)

PLATFORMS
  ruby

DEPENDENCIES
  hpricot
  json
  pdf-inspector
  rspec
